NUGET
  remote: https://www.nuget.org/api/v2
    FSharp.Core (4.7.1)
